GEM
  remote: https://rubygems.org/
  specs:
    addressable (2.5.1)
      public_suffix (~> 2.0, >= 2.0.2)
    daemons (1.2.4)
    em-websocket (0.3.8)
      addressable (>= 2.1.1)
      eventmachine (>= 0.12.9)
    eventmachine (1.2.3)
    genius (0.1.1)
      httparty (~> 0.11.0)
    httparty (0.11.0)
      multi_json (~> 1.0)
      multi_xml (>= 0.5.2)
    itunes-client (0.2.0)
    mime-types (1.25.1)
    mini_portile2 (2.1.0)
    multi_json (1.12.1)
    multi_xml (0.6.0)
    nokogiri (1.7.2)
      mini_portile2 (~> 2.1.0)
    public_suffix (2.0.5)
    rack (1.6.8)
    rack-protection (1.5.3)
      rack
    rest-client (1.6.9)
      mime-types (~> 1.16)
    similar_text (0.0.4)
    sinatra (1.4.8)
      rack (~> 1.5)
      rack-protection (~> 1.4)
      tilt (>= 1.3, < 3)
    sinatra-websocket (0.3.1)
      em-websocket (~> 0.3.6)
      eventmachine
      thin (>= 1.3.1, < 2.0.0)
    thin (1.7.1)
      daemons (~> 1.0, >= 1.0.9)
      eventmachine (~> 1.0, >= 1.0.4)
      rack (>= 1, < 3)
    tilt (2.0.7)

PLATFORMS
  ruby

DEPENDENCIES
  genius (~> 0.1.1)
  itunes-client (~> 0.2.0)
  nokogiri (~> 1.7.1)
  rest-client (~> 1.6.9)
  similar_text (~> 0.0.4)
  sinatra (~> 1.4.8)
  sinatra-websocket (~> 0.3.1)

RUBY VERSION
   ruby 2.4.0p0

BUNDLED WITH
   1.15.0
